GEM
  remote: https://rubygems.org/
  specs:
    colorize (0.8.1)
    console_splash (2.0.1)
    git (1.11.0)
      rchardet (~> 1.8)
    rchardet (1.8.0)

PLATFORMS
  ruby

DEPENDENCIES
  colorize
  console_splash
  git

BUNDLED WITH
   1.13.6
